GEM
  remote: http://rubygems.org/
  specs:
    activesupport (3.2.13)
      i18n (~> 0.6)
      multi_json (~> 1.0)
    factory_girl (4.1.0)
      activesupport (>= 3.0.0)
    i18n (0.6.1)
    metaclass (0.0.1)
    mocha (0.13.3)
      metaclass (~> 0.0.1)
    multi_json (1.7.2)
    multipart-post (1.2.0)
    net-http-persistent (2.8)
    nokogiri (1.5.9)
    nokogiri (1.5.9-java)
    rufus-lru (1.0.5)

PLATFORMS
  java

DEPENDENCIES
  factory_girl
  mocha
  multipart-post
  net-http-persistent
  nokogiri (>= 1.5.9)
  rufus-lru
